GEM
  remote: https://rubygems.org/
  specs:
    colorize (0.8.1)
    httparty (0.16.4)
      mime-types (~> 3.0)
      multi_xml (>= 0.5.2)
    mime-types (3.2.2)
      mime-types-data (~> 3.2015)
    mime-types-data (3.2018.0812)
    multi_xml (0.6.0)
    smarter_csv (1.2.6)

PLATFORMS
  ruby

DEPENDENCIES
  colorize
  httparty
  smarter_csv

BUNDLED WITH
   1.17.3
